GEM
  remote: https://rubygems.org/
  specs:
    activesupport (3.2.16)
      i18n (~> 0.6, >= 0.6.4)
      multi_json (~> 1.0)
    atomic (1.1.14)
    bitballoon (0.2.6)
      highline (~> 1.6.21)
      oauth2 (~> 0.9.2)
      slop (~> 3.6.0)
    chunky_png (1.2.9)
    compass (0.12.2)
      chunky_png (~> 1.2)
      fssm (>= 0.2.7)
      sass (~> 3.1)
    faraday (0.9.2)
      multipart-post (>= 1.2, < 3)
    fssm (0.2.10)
    haml (4.0.4)
      tilt
    highline (1.6.21)
    i18n (0.6.9)
    jwt (1.5.3)
    multi_json (1.8.2)
    multi_xml (0.5.5)
    multipart-post (2.0.0)
    oauth2 (0.9.4)
      faraday (>= 0.8, < 0.10)
      jwt (~> 1.0)
      multi_json (~> 1.3)
      multi_xml (~> 0.5)
      rack (~> 1.2)
    rack (1.5.2)
    rack-contrib (1.1.0)
      rack (>= 0.9.1)
    rack-test (0.6.2)
      rack (>= 1.0)
    sass (3.2.13)
    serve (1.5.2)
      activesupport (~> 3.2.12)
      i18n
      rack (~> 1.5.2)
      rack-test (~> 0.6.2)
      tilt (~> 1.3.3)
      tzinfo
    slop (3.6.0)
    thread_safe (0.1.3)
      atomic
    tilt (1.3.7)
    tzinfo (1.1.0)
      thread_safe (~> 0.1)

PLATFORMS
  ruby

DEPENDENCIES
  bitballoon (= 0.2.6)
  compass
  haml
  rack-contrib
  serve (= 1.5.2)

BUNDLED WITH
   1.11.2
